GEM
  remote: https://rubygems.org/
  specs:
    minitest (5.4.0)
    minitest-rg (5.2.0)
      minitest (~> 5.0)

PLATFORMS
  ruby

DEPENDENCIES
  minitest (~> 5.4)
  minitest-rg

BUNDLED WITH
   1.15.4
